PATH
  remote: .
  specs:
    webr (0.0.7)
      eventmachine
      optitron
      rednode (>= 0.1.0)
      therubyracer (~> 0.9.2)

GEM
  remote: http://rubygems.org/
  specs:
    callsite (0.0.5)
      bundler (~> 1.0.0)
    diff-lcs (1.1.2)
    eventmachine (0.12.10)
    libv8 (3.3.10.2)
    optitron (0.3.2)
      callsite (~> 0.0.4)
      parameters_extra (~> 0.2.0)
    parameters_extra (0.2.0)
      ruby2ruby (~> 1.2.4)
      ruby_parser (~> 2.0)
      sexp_processor (~> 3.0.4)
    rake (0.9.2)
    rednode (0.1.2)
      eventmachine
      therubyracer (>= 0.8.0)
    rspec (2.0.1)
      rspec-core (~> 2.0.1)
      rspec-expectations (~> 2.0.1)
      rspec-mocks (~> 2.0.1)
    rspec-core (2.0.1)
    rspec-expectations (2.0.1)
      diff-lcs (>= 1.1.2)
    rspec-mocks (2.0.1)
      rspec-core (~> 2.0.1)
      rspec-expectations (~> 2.0.1)
    ruby2ruby (1.2.5)
      ruby_parser (~> 2.0)
      sexp_processor (~> 3.0)
    ruby_parser (2.0.6)
      sexp_processor (~> 3.0)
    sexp_processor (3.0.5)
    therubyracer (0.9.2)
      libv8 (~> 3.3.10)

PLATFORMS
  ruby

DEPENDENCIES
  rake
  rspec
  webr!
